GEM
  remote: https://rubygems.org/
  specs:
    rack (3.1.16)
    rackup (2.2.0)
      rack (>= 3)
    webrick (1.9.1)

PLATFORMS
  ruby
  x86_64-linux

DEPENDENCIES
  rackup (= 2.2)
  webrick

BUNDLED WITH
   2.6.9
